PATH
  remote: .
  specs:
    cassandra-cql (0.0.1)
      cassandra-thrift (>= 0.0.1)
      simple_uuid (>= 0.1.1)

GEM
  remote: http://rubygems.org/
  specs:
    diff-lcs (1.1.2)
    rcov (0.9.9)
    rspec (2.6.0)
      rspec-core (~> 2.6.0)
      rspec-expectations (~> 2.6.0)
      rspec-mocks (~> 2.6.0)
    rspec-core (2.6.4)
    rspec-expectations (2.6.0)
      diff-lcs (~> 1.1.2)
    rspec-mocks (2.6.0)
    simple_uuid (0.1.1)
    thrift (0.6.0)
    thrift_client (0.6.3)
      thrift (~> 0.6.0)

PLATFORMS
  ruby

DEPENDENCIES
  bundler (>= 1.0.0)
  cassandra-cql!
  rcov (>= 0.9.9)
  rspec (>= 2.6.0)
  simple_uuid (>= 0.1.1)
